GEM
  remote: https://rubygems.org/
  specs:
    dotenv (2.2.1)
    httparty (0.16.2)
      multi_xml (>= 0.5.2)
    multi_xml (0.6.0)
    papirus (0.3.4)
    rmagick (2.16.0)

PLATFORMS
  ruby

DEPENDENCIES
  dotenv
  httparty
  papirus
  rmagick

BUNDLED WITH
   1.16.1
